GEM
  remote: https://rubygems.org/
  specs:
    consul-client (0.1.1)
    docker-api (1.21.4)
      excon (>= 0.38.0)
      json
    excon (0.45.3)
    json (1.8.2)

PLATFORMS
  ruby

DEPENDENCIES
  consul-client
  docker-api
